GEM
  remote: http://rubygems.org/
  specs:
    activemodel (3.2.3)
      activesupport (= 3.2.3)
      builder (~> 3.0.0)
    activerecord (3.2.3)
      activemodel (= 3.2.3)
      activesupport (= 3.2.3)
      arel (~> 3.0.2)
      tzinfo (~> 0.3.29)
    activesupport (3.2.3)
      i18n (~> 0.6)
      multi_json (~> 1.0)
    arel (3.0.2)
    builder (3.0.0)
    escape (0.0.4)
    i18n (0.6.0)
    multi_json (1.2.0)
    mysql (2.8.1)
    nokogiri (1.5.2)
    pg (0.14.0)
    tzinfo (0.3.29)
    xml-simple (1.1.0)

PLATFORMS
  ruby

DEPENDENCIES
  activerecord (>= 3.2.2)
  escape (>= 0.0.4)
  mysql
  nokogiri (>= 1.5.2)
  pg (= 0.14.0)
  tzinfo (>= 0.3.29)
  xml-simple (= 1.1.0)
